GEM
  remote: https://rubygems.org/
  specs:
    coderay (1.0.9)
    faraday (0.8.7)
      multipart-post (~> 1.1)
    fileutils (0.7)
      rmagick (>= 2.13.1)
    highline (1.6.18)
    json (1.7.7)
    metaclass (0.0.1)
    method_source (0.8.1)
    mocha (0.13.3)
      metaclass (~> 0.0.1)
    multipart-post (1.2.0)
    pry (0.9.12)
      coderay (~> 1.0.5)
      method_source (~> 0.8)
      slop (~> 3.4)
    rake (10.0.4)
    rmagick (2.13.2)
    slop (3.4.4)

PLATFORMS
  ruby

DEPENDENCIES
  faraday
  fileutils
  highline
  json
  mocha
  pry
  rake
